PATH
  remote: .
  specs:
    farm (0.0.4)
      activesupport (~> 3.0)
      json (~> 1.6.5)
      rake
      rest-client (~> 1.6.7)

GEM
  remote: http://rubygems.org/
  specs:
    activesupport (3.2.0)
      i18n (~> 0.6)
      multi_json (~> 1.0)
    i18n (0.6.0)
    json (1.6.5)
    mime-types (1.17.2)
    multi_json (1.0.4)
    rake (0.9.2.2)
    rest-client (1.6.7)
      mime-types (>= 1.16)

PLATFORMS
  ruby

DEPENDENCIES
  farm!
